GEM
  remote: http://rubygems.org/
  specs:
    awesome_print (1.8.0)
    exifr (1.3.6)

PLATFORMS
  ruby
  x64-mingw32

DEPENDENCIES
  awesome_print
  exifr

RUBY VERSION
   ruby 2.6.1p33

BUNDLED WITH
   1.17.3
