GEM
  remote: https://rubygems.org/
  specs:
    awesome_print (1.8.0)
    exifr (1.3.6)

PLATFORMS
  ruby

DEPENDENCIES
  awesome_print
  exifr

RUBY VERSION
   ruby 2.5.3p105

BUNDLED WITH
   1.17.3
